PATH
  remote: .
  specs:
    duck-hunt (0.0.3)

GEM
  remote: http://rubygems.org/
  specs:
    columnize (0.3.6)
    linecache (0.46)
      rbx-require-relative (> 0.0.4)
    metaclass (0.0.1)
    minitest (4.7.5)
    mocha (0.13.3)
      metaclass (~> 0.0.1)
    rake (10.0.4)
    rbx-require-relative (0.0.9)
    ruby-debug (0.10.4)
      columnize (>= 0.1)
      ruby-debug-base (~> 0.10.4.0)
    ruby-debug-base (0.10.4)
      linecache (>= 0.3)

PLATFORMS
  ruby

DEPENDENCIES
  duck-hunt!
  minitest
  mocha
  rake
  ruby-debug
