PATH
  remote: .
  specs:
    duck-hunt (0.1.0)

GEM
  remote: http://rubygems.org/
  specs:
    byebug (11.1.1)
    minitest (5.14.0)
    mocha (1.11.2)
    rake (13.0.1)

PLATFORMS
  ruby

DEPENDENCIES
  byebug
  duck-hunt!
  minitest
  mocha
  rake

BUNDLED WITH
   2.1.4
