PATH
  remote: .
  specs:
    duck-hunt (0.1.0)

GEM
  remote: http://rubygems.org/
  specs:
    byebug (11.0.1)
    metaclass (0.0.1)
    minitest (4.7.5)
    mocha (0.13.1)
      metaclass (~> 0.0.1)
    rake (10.0.4)

PLATFORMS
  ruby

DEPENDENCIES
  byebug
  duck-hunt!
  minitest
  mocha
  rake

BUNDLED WITH
   1.17.2
